GEM
  remote: https://rubygems.org/
  specs:
    dotenv (3.1.7)

PLATFORMS
  x64-mingw-ucrt

DEPENDENCIES
  dotenv

BUNDLED WITH
   2.5.22
